GEM
  remote: https://rubygems.org/
  specs:
    addressable (2.5.1)
      public_suffix (~> 2.0, >= 2.0.2)
    builder (3.2.3)
    capybara (2.15.1)
      addressable
      mini_mime (>= 0.1.3)
      xpath (~> 2.0)
    childprocess (0.7.1)
    cucumber (2.4.0)
      builder (>= 2.1.2)
      cucumber-core (~> 1.5.0)
      cucumber-wire (~> 0.0.1)
      diff-lcs (>= 1.1.3)
      gherkin (~> 4.0)
      multi_json (>= 1.7.5, < 2.0)
      multi_test (>= 0.1.2)
    cucumber-core (1.5.0)
      gherkin (~> 4.0)
    cucumber-wire (0.0.1)
    diff-lcs (1.3)
    gherkin (4.1.3)
    mini_mime (0.1.3)
    mini_portile2 (2.8.5)
    multi_json (1.12.1)
    multi_test (0.1.2)
    nokogiri (1.16.3)
      mini_portile2 (~> 2.8.2)
      racc (~> 1.4)
    nokogiri (1.16.3-x64-mingw32)
      racc (~> 1.4)
    public_suffix (2.0.5)
    racc (1.7.3)
    selenium-webdriver (3.4.4)
      childprocess (~> 0.5)
    xpath (2.1.0)

PLATFORMS
  ruby
  x64-mingw32

DEPENDENCIES
  capybara
  cucumber
  selenium-webdriver

BUNDLED WITH
   1.15.3
